PATH
  remote: .
  specs:
    soundbot (0.1.0)
      commander (~> 4.5.2)
      sequel (~> 5.33.0)
      tty-config (~> 0.4.0)
      tty-editor (~> 0.5)
      tty-file (~> 0.8)
      tty-pager (~> 0.13)
      tty-prompt (~> 0.21)
      tty-screen (~> 0.7)
      tty-which (~> 0.4)
      yaml (~> 0.1.0)

GEM
  remote: https://rubygems.org/
  specs:
    coderay (1.1.3)
    commander (4.5.2)
      highline (~> 2.0.0)
    diff-lcs (1.4.2)
    equatable (0.6.1)
    highline (2.0.3)
    method_source (1.0.0)
    minitest (5.12.2)
    necromancer (0.5.1)
    pastel (0.7.4)
      equatable (~> 0.6)
      tty-color (~> 0.5)
    pry (0.13.1)
      coderay (~> 1.1)
      method_source (~> 1.0)
    pry-doc (1.1.0)
      pry (~> 0.11)
      yard (~> 0.9.11)
    rake (13.0.1)
    sequel (5.33.0)
    strings (0.1.8)
      strings-ansi (~> 0.1)
      unicode-display_width (~> 1.5)
      unicode_utils (~> 1.4)
    strings-ansi (0.2.0)
    tty-color (0.5.1)
    tty-config (0.4.0)
    tty-cursor (0.7.1)
    tty-editor (0.5.1)
      tty-prompt (~> 0.19)
      tty-which (~> 0.4)
    tty-file (0.9.0)
      diff-lcs (~> 1.3)
      pastel (~> 0.7.2)
      tty-prompt (~> 0.20)
    tty-pager (0.13.0)
      strings (~> 0.1.8)
      tty-screen (~> 0.8)
    tty-prompt (0.21.0)
      necromancer (~> 0.5.0)
      pastel (~> 0.7.0)
      tty-reader (~> 0.7.0)
    tty-reader (0.7.0)
      tty-cursor (~> 0.7)
      tty-screen (~> 0.7)
      wisper (~> 2.0.0)
    tty-screen (0.8.0)
    tty-which (0.4.2)
    unicode-display_width (1.7.0)
    unicode_utils (1.4.0)
    wisper (2.0.1)
    yaml (0.1.0)
    yard (0.9.25)

PLATFORMS
  ruby

DEPENDENCIES
  bundler (~> 2.1.0)
  minitest (~> 5.12.0)
  pry (~> 0.13.0)
  pry-doc (~> 1.1.0)
  rake (~> 13.0)
  soundbot!

BUNDLED WITH
   2.1.2
