PATH
  remote: .
  specs:
    soundbot (1.0)
      aubio (~> 0.3.6)
      commander (~> 4.5.2)
      pg (~> 1.2.3)
      playlist (~> 1.2.0)
      pocketsphinx-ruby
      rom (~> 5.2.4)
      rom-sql (~> 3.2.0)
      sequel (~> 5.33.0)
      sphinxtrain-ruby
      tts (~> 0.8.2)
      tty-command (~> 0.10.0)
      tty-config (~> 0.4.0)
      tty-editor (~> 0.5)
      tty-file (~> 0.8)
      tty-pager (~> 0.13)
      tty-prompt (~> 0.21)
      tty-screen (~> 0.7)
      tty-which (~> 0.4)
      yaml (~> 0.1.0)

GEM
  remote: https://rubygems.org/
  specs:
    aubio (0.3.6)
      ffi (~> 1.9)
      rake (>= 12.3.3)
    coderay (1.1.3)
    colorize (0.7.7)
    commander (4.5.2)
      highline (~> 2.0.0)
    concurrent-ruby (1.1.7)
    diff-lcs (1.4.4)
    dry-configurable (0.11.6)
      concurrent-ruby (~> 1.0)
      dry-core (~> 0.4, >= 0.4.7)
      dry-equalizer (~> 0.2)
    dry-container (0.7.2)
      concurrent-ruby (~> 1.0)
      dry-configurable (~> 0.1, >= 0.1.3)
    dry-core (0.4.10)
      concurrent-ruby (~> 1.0)
    dry-equalizer (0.3.0)
    dry-inflector (0.2.0)
    dry-initializer (3.0.4)
    dry-logic (1.0.8)
      concurrent-ruby (~> 1.0)
      dry-core (~> 0.2)
      dry-equalizer (~> 0.2)
    dry-struct (1.3.0)
      dry-core (~> 0.4, >= 0.4.4)
      dry-equalizer (~> 0.3)
      dry-types (~> 1.3)
      ice_nine (~> 0.11)
    dry-types (1.4.0)
      concurrent-ruby (~> 1.0)
      dry-container (~> 0.3)
      dry-core (~> 0.4, >= 0.4.4)
      dry-equalizer (~> 0.3)
      dry-inflector (~> 0.1, >= 0.1.2)
      dry-logic (~> 1.0, >= 1.0.2)
    ffi (1.13.1)
    highline (2.0.3)
    ice_nine (0.11.2)
    method_source (1.0.0)
    mini_portile2 (2.4.0)
    minitest (5.12.2)
    nokogiri (1.10.10)
      mini_portile2 (~> 2.4.0)
    pastel (0.8.0)
      tty-color (~> 0.5)
    pg (1.2.3)
    playlist (1.2.0)
      nokogiri
    pocketsphinx-ruby (0.3.0)
      ffi (>= 1.9)
    pry (0.13.1)
      coderay (~> 1.1)
      method_source (~> 1.0)
    pry-doc (1.1.0)
      pry (~> 0.11)
      yard (~> 0.9.11)
    rake (13.0.1)
    rom (5.2.4)
      rom-changeset (~> 5.2, >= 5.2.3)
      rom-core (~> 5.2, >= 5.2.3)
      rom-repository (~> 5.2, >= 5.2.2)
    rom-changeset (5.2.3)
      dry-core (~> 0.4)
      rom-core (~> 5.2)
      transproc (~> 1.0, >= 1.1.0)
    rom-core (5.2.3)
      concurrent-ruby (~> 1.1)
      dry-container (~> 0.7)
      dry-core (~> 0.4)
      dry-equalizer (~> 0.2)
      dry-inflector (~> 0.1)
      dry-initializer (~> 3.0, >= 3.0.1)
      dry-struct (~> 1.0)
      dry-types (~> 1.0)
      transproc (~> 1.0, >= 1.1.0)
    rom-repository (5.2.2)
      dry-core (~> 0.4)
      dry-initializer (~> 3.0, >= 3.0.1)
      rom-core (~> 5.2, >= 5.2.2)
    rom-sql (3.2.0)
      dry-core (~> 0.4)
      dry-equalizer (~> 0.2)
      dry-types (~> 1.0)
      rom-core (~> 5.2, >= 5.2.1)
      sequel (>= 4.49)
    sequel (5.33.0)
    sphinxtrain-ruby (0.0.3)
      colorize (~> 0.7.3)
      pocketsphinx-ruby (~> 0.3.0)
      word_aligner (~> 0.1.2)
    strings (0.2.0)
      strings-ansi (~> 0.2)
      unicode-display_width (~> 1.5)
      unicode_utils (~> 1.4)
    strings-ansi (0.2.0)
    transproc (1.1.1)
    tts (0.8.2)
    tty-color (0.6.0)
    tty-command (0.10.0)
      pastel (~> 0.8)
    tty-config (0.4.0)
    tty-cursor (0.7.1)
    tty-editor (0.6.0)
      tty-prompt (~> 0.22)
    tty-file (0.10.0)
      diff-lcs (~> 1.3)
      pastel (~> 0.8)
      tty-prompt (~> 0.22)
    tty-pager (0.14.0)
      strings (~> 0.2.0)
      tty-screen (~> 0.8)
    tty-prompt (0.22.0)
      pastel (~> 0.8)
      tty-reader (~> 0.8)
    tty-reader (0.8.0)
      tty-cursor (~> 0.7)
      tty-screen (~> 0.8)
      wisper (~> 2.0)
    tty-screen (0.8.1)
    tty-which (0.4.2)
    unicode-display_width (1.7.0)
    unicode_utils (1.4.0)
    wisper (2.0.1)
    word_aligner (0.1.2)
      unicode_utils
    yaml (0.1.0)
    yard (0.9.25)

PLATFORMS
  ruby

DEPENDENCIES
  bundler (~> 2.1.0)
  minitest (~> 5.12.0)
  pry (~> 0.13.0)
  pry-doc (~> 1.1.0)
  rake (~> 13.0)
  soundbot!

BUNDLED WITH
   2.1.4
