PATH
  remote: .
  specs:
    soundbot (1.0)
      commander (~> 4.5.2)
      ffi-rzmq
      iruby (~> 0.4.0)
      playlist (~> 1.2.0)
      pocketsphinx-ruby
      sequel (~> 5.33.0)
      sphinxtrain-ruby
      tts (~> 0.8.2)
      tty-config (~> 0.4.0)
      tty-editor (~> 0.5)
      tty-file (~> 0.8)
      tty-pager (~> 0.13)
      tty-prompt (~> 0.21)
      tty-screen (~> 0.7)
      tty-which (~> 0.4)
      yaml (~> 0.1.0)

GEM
  remote: https://rubygems.org/
  specs:
    bond (0.5.1)
    coderay (1.1.3)
    colorize (0.7.7)
    commander (4.5.2)
      highline (~> 2.0.0)
    data_uri (0.1.0)
    diff-lcs (1.4.4)
    ffi (1.13.1)
    ffi-rzmq (2.0.7)
      ffi-rzmq-core (>= 1.0.7)
    ffi-rzmq-core (1.0.7)
      ffi
    highline (2.0.3)
    iruby (0.4.0)
      bond (~> 0.5)
      data_uri (~> 0.1)
      mimemagic (~> 0.3)
      multi_json (~> 1.11)
    method_source (1.0.0)
    mimemagic (0.3.5)
    mini_portile2 (2.4.0)
    minitest (5.12.2)
    multi_json (1.15.0)
    nokogiri (1.10.10)
      mini_portile2 (~> 2.4.0)
    pastel (0.8.0)
      tty-color (~> 0.5)
    playlist (1.2.0)
      nokogiri
    pocketsphinx-ruby (0.3.0)
      ffi (>= 1.9)
    pry (0.13.1)
      coderay (~> 1.1)
      method_source (~> 1.0)
    pry-doc (1.1.0)
      pry (~> 0.11)
      yard (~> 0.9.11)
    rake (13.0.1)
    sequel (5.33.0)
    sphinxtrain-ruby (0.0.3)
      colorize (~> 0.7.3)
      pocketsphinx-ruby (~> 0.3.0)
      word_aligner (~> 0.1.2)
    strings (0.2.0)
      strings-ansi (~> 0.2)
      unicode-display_width (~> 1.5)
      unicode_utils (~> 1.4)
    strings-ansi (0.2.0)
    tts (0.8.2)
    tty-color (0.5.2)
    tty-config (0.4.0)
    tty-cursor (0.7.1)
    tty-editor (0.6.0)
      tty-prompt (~> 0.22)
    tty-file (0.10.0)
      diff-lcs (~> 1.3)
      pastel (~> 0.8)
      tty-prompt (~> 0.22)
    tty-pager (0.14.0)
      strings (~> 0.2.0)
      tty-screen (~> 0.8)
    tty-prompt (0.22.0)
      pastel (~> 0.8)
      tty-reader (~> 0.8)
    tty-reader (0.8.0)
      tty-cursor (~> 0.7)
      tty-screen (~> 0.8)
      wisper (~> 2.0)
    tty-screen (0.8.1)
    tty-which (0.4.2)
    unicode-display_width (1.7.0)
    unicode_utils (1.4.0)
    wisper (2.0.1)
    word_aligner (0.1.2)
      unicode_utils
    yaml (0.1.0)
    yard (0.9.25)

PLATFORMS
  ruby

DEPENDENCIES
  bundler (~> 2.1.0)
  minitest (~> 5.12.0)
  pry (~> 0.13.0)
  pry-doc (~> 1.1.0)
  rake (~> 13.0)
  soundbot!

BUNDLED WITH
   2.1.4
